GEM
  remote: https://rubygems.org/
  specs:
    open_uri_redirections (0.2.1)
    parseconfig (1.0.8)
    ruby-progressbar (1.8.1)
    simple_scripting (0.9.2)
      parseconfig (~> 1.0)

PLATFORMS
  ruby

DEPENDENCIES
  open_uri_redirections
  ruby-progressbar
  simple_scripting (~> 0.9.2)

BUNDLED WITH
   1.11.2
